STORAGE: NONE
RESTRICTION: || (== net461) (== netcoreapp2.1)
NUGET
  remote: https://api.nuget.org/v3/index.json
    Argu (5.5)
      FSharp.Core (>= 4.0.0.1) - restriction: || (== net461) (&& (== netcoreapp2.1) (>= net45))
      FSharp.Core (>= 4.3.2) - restriction: || (&& (== net461) (< net45) (>= netstandard2.0)) (== netcoreapp2.1)
      System.Configuration.ConfigurationManager (>= 4.4) - restriction: || (&& (== net461) (< net45) (>= netstandard2.0)) (== netcoreapp2.1)
    DiffPlex (1.6.3)
    Expecto (9.0.2)
      FSharp.Core (>= 4.6)
      Mono.Cecil (>= 0.11.2)
    Expecto.Diff (9.0.2)
      DiffPlex (>= 1.6.1)
      Expecto (>= 9.0.2)
      FSharp.Core (>= 4.6)
    FSharp.Compiler.Service (37.0)
      FSharp.Core (>= 4.6.2)
      Microsoft.Build.Framework (>= 16.6)
      Microsoft.Build.Tasks.Core (>= 16.6)
      Microsoft.Build.Utilities.Core (>= 16.6)
      System.Buffers (>= 4.5)
      System.Collections.Immutable (>= 1.5)
      System.Memory (>= 4.5.3)
      System.Reflection.Emit (>= 4.3) - restriction: == netcoreapp2.1
      System.Reflection.Metadata (>= 1.6)
      System.Reflection.TypeExtensions (>= 4.3) - restriction: == netcoreapp2.1
      System.Runtime.Loader (>= 4.0) - restriction: == netcoreapp2.1
      System.ValueTuple (>= 4.4) - restriction: || (== net461) (&& (== netcoreapp2.1) (>= net461))
    FSharp.Core (4.6.2)
    MedallionShell (1.6.1)
      System.Runtime.InteropServices.RuntimeInformation (>= 4.3) - restriction: || (== net461) (&& (== netcoreapp2.1) (>= net46))
    Microsoft.Bcl.AsyncInterfaces (1.1.1) - restriction: || (&& (== net461) (>= net472)) (&& (== net461) (>= netcoreapp2.1)) (== netcoreapp2.1)
    Microsoft.Build (16.7)
      Microsoft.Build.Framework (>= 16.7) - restriction: || (&& (== net461) (>= net472)) (&& (== net461) (>= netcoreapp2.1)) (== netcoreapp2.1)
      Microsoft.Win32.Registry (>= 4.3) - restriction: || (&& (== net461) (>= netcoreapp2.1)) (== netcoreapp2.1)
      System.Collections.Immutable (>= 1.5) - restriction: || (&& (== net461) (>= net472)) (&& (== net461) (>= netcoreapp2.1)) (== netcoreapp2.1)
      System.Memory (>= 4.5.3) - restriction: || (&& (== net461) (>= net472)) (&& (== net461) (>= netcoreapp2.1)) (== netcoreapp2.1)
      System.Reflection.Metadata (>= 1.6) - restriction: || (&& (== net461) (>= netcoreapp2.1)) (== netcoreapp2.1)
      System.Security.Principal.Windows (>= 4.7) - restriction: || (&& (== net461) (>= netcoreapp2.1)) (== netcoreapp2.1)
      System.Text.Encoding.CodePages (>= 4.0.1) - restriction: || (&& (== net461) (>= netcoreapp2.1)) (== netcoreapp2.1)
      System.Text.Json (>= 4.7) - restriction: || (&& (== net461) (>= net472)) (&& (== net461) (>= netcoreapp2.1)) (== netcoreapp2.1)
      System.Threading.Tasks.Dataflow (>= 4.9) - restriction: || (&& (== net461) (>= net472)) (&& (== net461) (>= netcoreapp2.1)) (== netcoreapp2.1)
    Microsoft.Build.Framework (16.7)
      System.Security.Permissions (>= 4.7) - restriction: || (&& (== net461) (>= netstandard2.0)) (== netcoreapp2.1)
    Microsoft.Build.Locator (1.2.6)
    Microsoft.Build.Tasks.Core (16.7)
      Microsoft.Build.Framework (>= 16.7) - restriction: || (&& (== net461) (>= netstandard2.0)) (== netcoreapp2.1)
      Microsoft.Build.Utilities.Core (>= 16.7) - restriction: || (&& (== net461) (>= netstandard2.0)) (== netcoreapp2.1)
      Microsoft.Win32.Registry (>= 4.3) - restriction: || (&& (== net461) (>= netstandard2.0)) (== netcoreapp2.1)
      System.CodeDom (>= 4.4) - restriction: || (&& (== net461) (>= netstandard2.0)) (== netcoreapp2.1)
      System.Collections.Immutable (>= 1.5) - restriction: || (&& (== net461) (>= netstandard2.0)) (== netcoreapp2.1)
      System.Reflection.Metadata (>= 1.6) - restriction: || (&& (== net461) (>= netstandard2.0)) (== netcoreapp2.1)
      System.Reflection.TypeExtensions (>= 4.1) - restriction: || (&& (== net461) (>= netstandard2.0)) (== netcoreapp2.1)
      System.Resources.Extensions (>= 4.6) - restriction: || (&& (== net461) (>= netstandard2.0)) (== netcoreapp2.1)
      System.Security.Permissions (>= 4.7) - restriction: || (&& (== net461) (>= netstandard2.0)) (== netcoreapp2.1)
      System.Threading.Tasks.Dataflow (>= 4.9) - restriction: || (&& (== net461) (>= netstandard2.0)) (== netcoreapp2.1)
    Microsoft.Build.Utilities.Core (16.7)
      Microsoft.Build.Framework (>= 16.7) - restriction: || (&& (== net461) (>= netstandard2.0)) (== netcoreapp2.1)
      Microsoft.Win32.Registry (>= 4.3) - restriction: || (&& (== net461) (>= netstandard2.0)) (== netcoreapp2.1)
      System.Collections.Immutable (>= 1.5) - restriction: || (&& (== net461) (>= netstandard2.0)) (== netcoreapp2.1)
      System.Security.Permissions (>= 4.7) - restriction: || (&& (== net461) (>= netstandard2.0)) (== netcoreapp2.1)
      System.Text.Encoding.CodePages (>= 4.0.1) - restriction: || (&& (== net461) (>= netstandard2.0)) (== netcoreapp2.1)
    Microsoft.NETCore.Platforms (3.1.3) - restriction: || (&& (== net461) (>= netcoreapp2.1)) (== netcoreapp2.1)
    Microsoft.NETCore.Targets (3.1) - restriction: == netcoreapp2.1
    Microsoft.Win32.Registry (4.7) - restriction: || (&& (== net461) (>= netcoreapp2.1)) (== netcoreapp2.1)
      System.Security.AccessControl (>= 4.7)
      System.Security.Principal.Windows (>= 4.7)
    Mono.Cecil (0.11.3)
    System.Buffers (4.5.1)
    System.CodeDom (4.7) - restriction: || (&& (== net461) (>= netstandard2.0)) (== netcoreapp2.1)
    System.Collections.Immutable (1.7.1)
    System.Configuration.ConfigurationManager (4.7) - restriction: || (&& (== net461) (< net45) (>= netstandard2.0)) (== netcoreapp2.1)
      System.Security.Cryptography.ProtectedData (>= 4.7) - restriction: == netcoreapp2.1
      System.Security.Permissions (>= 4.7)
    System.IO (4.3) - restriction: == netcoreapp2.1
      Microsoft.NETCore.Platforms (>= 1.1) - restriction: || (&& (== net461) (< net45)) (== netcoreapp2.1)
      Microsoft.NETCore.Targets (>= 1.1) - restriction: || (&& (== net461) (< net45)) (== netcoreapp2.1)
      System.Runtime (>= 4.3) - restriction: || (&& (== net461) (< net45)) (== netcoreapp2.1)
      System.Text.Encoding (>= 4.3) - restriction: || (&& (== net461) (< net45)) (== netcoreapp2.1)
      System.Threading.Tasks (>= 4.3) - restriction: || (&& (== net461) (< net45)) (== netcoreapp2.1)
    System.Memory (4.5.4)
      System.Buffers (>= 4.5.1) - restriction: || (== net461) (&& (== netcoreapp2.1) (>= monotouch)) (&& (== netcoreapp2.1) (>= net461)) (&& (== netcoreapp2.1) (< netcoreapp2.0)) (&& (== netcoreapp2.1) (< netstandard1.1)) (&& (== netcoreapp2.1) (< netstandard2.0)) (&& (== netcoreapp2.1) (>= xamarinios)) (&& (== netcoreapp2.1) (>= xamarinmac)) (&& (== netcoreapp2.1) (>= xamarintvos)) (&& (== netcoreapp2.1) (>= xamarinwatchos))
      System.Numerics.Vectors (>= 4.5) - restriction: || (== net461) (&& (== netcoreapp2.1) (>= net461))
      System.Runtime.CompilerServices.Unsafe (>= 4.5.3) - restriction: || (== net461) (&& (== netcoreapp2.1) (>= monotouch)) (&& (== netcoreapp2.1) (>= net461)) (&& (== netcoreapp2.1) (< netcoreapp2.0)) (&& (== netcoreapp2.1) (< netstandard1.1)) (&& (== netcoreapp2.1) (< netstandard2.0)) (&& (== netcoreapp2.1) (>= uap10.1)) (&& (== netcoreapp2.1) (>= xamarinios)) (&& (== netcoreapp2.1) (>= xamarinmac)) (&& (== netcoreapp2.1) (>= xamarintvos)) (&& (== netcoreapp2.1) (>= xamarinwatchos))
    System.Numerics.Vectors (4.5) - restriction: || (== net461) (&& (== netcoreapp2.1) (>= net461))
    System.Reflection (4.3) - restriction: == netcoreapp2.1
      Microsoft.NETCore.Platforms (>= 1.1) - restriction: || (&& (== net461) (< net45)) (== netcoreapp2.1)
      Microsoft.NETCore.Targets (>= 1.1) - restriction: || (&& (== net461) (< net45)) (== netcoreapp2.1)
      System.IO (>= 4.3) - restriction: || (&& (== net461) (< net45)) (== netcoreapp2.1)
      System.Reflection.Primitives (>= 4.3) - restriction: || (&& (== net461) (< net45)) (== netcoreapp2.1)
      System.Runtime (>= 4.3) - restriction: || (&& (== net461) (< net45)) (== netcoreapp2.1)
    System.Reflection.Emit (4.7) - restriction: == netcoreapp2.1
    System.Reflection.Metadata (1.8.1)
      System.Collections.Immutable (>= 1.7.1)
    System.Reflection.Primitives (4.3) - restriction: == netcoreapp2.1
      Microsoft.NETCore.Platforms (>= 1.1) - restriction: || (&& (== net461) (< net45)) (== netcoreapp2.1)
      Microsoft.NETCore.Targets (>= 1.1) - restriction: || (&& (== net461) (< net45)) (== netcoreapp2.1)
      System.Runtime (>= 4.3) - restriction: || (&& (== net461) (< net45)) (== netcoreapp2.1)
    System.Reflection.TypeExtensions (4.7) - restriction: == netcoreapp2.1
    System.Resources.Extensions (4.7.1) - restriction: || (&& (== net461) (>= netstandard2.0)) (== netcoreapp2.1)
    System.Runtime (4.3.1) - restriction: == netcoreapp2.1
      Microsoft.NETCore.Platforms (>= 1.1.1) - restriction: || (&& (== net461) (< net45)) (== netcoreapp2.1)
      Microsoft.NETCore.Targets (>= 1.1.3) - restriction: || (&& (== net461) (< net45)) (== netcoreapp2.1)
    System.Runtime.CompilerServices.Unsafe (4.7.1)
    System.Runtime.InteropServices.RuntimeInformation (4.3) - restriction: || (== net461) (&& (== netcoreapp2.1) (>= net46))
    System.Runtime.Loader (4.3) - restriction: == netcoreapp2.1
      System.IO (>= 4.3) - restriction: || (&& (== net461) (>= netstandard1.5)) (== netcoreapp2.1)
      System.Reflection (>= 4.3) - restriction: || (&& (== net461) (>= netstandard1.5)) (== netcoreapp2.1)
      System.Runtime (>= 4.3) - restriction: || (&& (== net461) (>= netstandard1.5)) (== netcoreapp2.1)
    System.Security.AccessControl (4.7) - restriction: || (&& (== net461) (>= netstandard2.0)) (== netcoreapp2.1)
      Microsoft.NETCore.Platforms (>= 3.1) - restriction: || (&& (== net461) (>= netcoreapp2.0)) (== netcoreapp2.1)
      System.Security.Principal.Windows (>= 4.7)
    System.Security.Cryptography.ProtectedData (4.7) - restriction: || (&& (== net461) (< net45) (>= netstandard2.0)) (== netcoreapp2.1)
    System.Security.Permissions (4.7) - restriction: || (&& (== net461) (>= netstandard2.0)) (== netcoreapp2.1)
      System.Security.AccessControl (>= 4.7)
    System.Security.Principal.Windows (4.7) - restriction: || (&& (== net461) (>= netcoreapp2.1)) (== netcoreapp2.1)
      Microsoft.NETCore.Platforms (>= 3.1) - restriction: || (&& (== net461) (>= netcoreapp2.0)) (&& (== net461) (>= netcoreapp2.1)) (== netcoreapp2.1)
    System.Text.Encoding (4.3) - restriction: == netcoreapp2.1
      Microsoft.NETCore.Platforms (>= 1.1) - restriction: || (&& (== net461) (< net45)) (== netcoreapp2.1)
      Microsoft.NETCore.Targets (>= 1.1) - restriction: || (&& (== net461) (< net45)) (== netcoreapp2.1)
      System.Runtime (>= 4.3) - restriction: || (&& (== net461) (< net45)) (== netcoreapp2.1)
    System.Text.Encoding.CodePages (4.7.1) - restriction: || (&& (== net461) (>= netcoreapp2.1)) (== netcoreapp2.1)
      Microsoft.NETCore.Platforms (>= 3.1.1) - restriction: || (&& (== net461) (>= netcoreapp2.0)) (== netcoreapp2.1)
      System.Runtime.CompilerServices.Unsafe (>= 4.7.1)
    System.Text.Encodings.Web (4.7.1) - restriction: || (&& (== net461) (>= net472)) (&& (== net461) (>= netcoreapp2.1)) (&& (== net461) (>= netcoreapp3.0)) (== netcoreapp2.1)
    System.Text.Json (4.7.2) - restriction: || (&& (== net461) (>= net472)) (&& (== net461) (>= netcoreapp2.1)) (== netcoreapp2.1)
      Microsoft.Bcl.AsyncInterfaces (>= 1.1)
      System.Runtime.CompilerServices.Unsafe (>= 4.7.1)
      System.Text.Encodings.Web (>= 4.7.1)
    System.Threading.Tasks (4.3) - restriction: == netcoreapp2.1
      Microsoft.NETCore.Platforms (>= 1.1) - restriction: || (&& (== net461) (< net45)) (== netcoreapp2.1)
      Microsoft.NETCore.Targets (>= 1.1) - restriction: || (&& (== net461) (< net45)) (== netcoreapp2.1)
      System.Runtime (>= 4.3) - restriction: || (&& (== net461) (< net45)) (== netcoreapp2.1)
    System.Threading.Tasks.Dataflow (4.11.1) - restriction: || (&& (== net461) (>= net472)) (&& (== net461) (>= netcoreapp2.1)) (== netcoreapp2.1)
    System.ValueTuple (4.4)
  remote: https://www.myget.org/F/sln-parser/api/v3/index.json
    Sln (0.4.0)
GITHUB
  remote: Microsoft/visualfsharp
    src/fsharp/FSharp.Build/Fsc.fs (cc1b137bc17f401a0cc669ff8fc598714d0fe652)
    src/fsharp/FSharp.Build/Microsoft.FSharp.Targets (cc1b137bc17f401a0cc669ff8fc598714d0fe652)